PATH
  remote: .
  specs:
    secure_web_token (0.2.1)
      jwe (~> 0.4)
      jwt (~> 2.2)

GEM
  remote: https://rubygems.org/
  specs:
    activesupport (6.0.3.3)
      concurrent-ruby (~> 1.0, >= 1.0.2)
      i18n (>= 0.7, < 2)
      minitest (~> 5.1)
      tzinfo (~> 1.1)
      zeitwerk (~> 2.2, >= 2.2.2)
    ansi (1.5.0)
    builder (3.2.4)
    coerce_boolean (0.1.0)
    concurrent-ruby (1.1.7)
    i18n (1.8.5)
      concurrent-ruby (~> 1.0)
    jwe (0.4.0)
    jwt (2.2.2)
    minitest (5.14.2)
    minitest-reporters (1.4.2)
      ansi
      builder
      minitest (>= 5.0)
      ruby-progressbar
    rake (13.0.1)
    ruby-progressbar (1.10.1)
    thread_safe (0.3.6)
    tzinfo (1.2.10)
      thread_safe (~> 0.1)
    zeitwerk (2.4.0)

PLATFORMS
  ruby

DEPENDENCIES
  activesupport (~> 6.0)
  coerce_boolean (~> 0.1)
  minitest (~> 5.1)
  minitest-reporters (~> 1.4)
  rake (~> 13.0)
  secure_web_token!

BUNDLED WITH
   2.1.4
